GEM
  remote: http://rubygems.org/
  specs:
    byebug (8.2.1)
    chronic (0.10.2)
    daemons (1.2.3)
    domain_name (0.5.25)
      unf (>= 0.0.5, < 1.0.0)
    eventmachine (1.0.9.1)
    figaro (1.1.1)
      thor (~> 0.14)
    http-cookie (1.0.2)
      domain_name (~> 0.5)
    mechanize (2.7.4)
      domain_name (~> 0.5, >= 0.5.1)
      http-cookie (~> 1.0)
      mime-types (>= 1.17.2, < 3)
      net-http-digest_auth (~> 1.1, >= 1.1.1)
      net-http-persistent (~> 2.5, >= 2.5.2)
      nokogiri (~> 1.6)
      ntlm-http (~> 0.1, >= 0.1.1)
      webrobots (>= 0.0.9, < 0.2)
    mime-types (2.99)
    mini_portile2 (2.0.0)
    net-http-digest_auth (1.4)
    net-http-persistent (2.9.4)
    nokogiri (1.6.7.1)
      mini_portile2 (~> 2.0.0.rc2)
    ntlm-http (0.1.1)
    rack (1.6.4)
    rack-protection (1.5.3)
      rack
    sinatra (1.4.6)
      rack (~> 1.4)
      rack-protection (~> 1.4)
      tilt (>= 1.3, < 3)
    thin (1.6.4)
      daemons (~> 1.0, >= 1.0.9)
      eventmachine (~> 1.0, >= 1.0.4)
      rack (~> 1.0)
    thor (0.19.1)
    tilt (2.0.2)
    unf (0.1.4)
      unf_ext
    unf_ext (0.0.7.1)
    webrobots (0.1.2)

PLATFORMS
  ruby

DEPENDENCIES
  byebug
  chronic
  figaro
  mechanize
  sinatra
  thin
