GEM
  remote: http://www.rubygems.org/
  specs:
    coderay (1.1.1)
    daemons (1.2.4)
    domain_name (0.5.20170404)
      unf (>= 0.0.5, < 1.0.0)
    envyable (1.2.0)
      thor (>= 0.18.1, < 2.0)
    eventmachine (1.2.3)
    http-cookie (1.0.3)
      domain_name (~> 0.5)
    httparty (0.15.2)
      multi_xml (>= 0.5.2)
    json (2.1.0)
    mechanize (2.7.5)
      domain_name (~> 0.5, >= 0.5.1)
      http-cookie (~> 1.0)
      mime-types (>= 1.17.2)
      net-http-digest_auth (~> 1.1, >= 1.1.1)
      net-http-persistent (~> 2.5, >= 2.5.2)
      nokogiri (~> 1.6)
      ntlm-http (~> 0.1, >= 0.1.1)
      webrobots (>= 0.0.9, < 0.2)
    method_source (0.8.2)
    mime-types (3.1)
      mime-types-data (~> 3.2015)
    mime-types-data (3.2016.0521)
    mini_portile2 (2.1.0)
    multi_xml (0.6.0)
    mustermann (1.0.0)
    net-http-digest_auth (1.4.1)
    net-http-persistent (2.9.4)
    nokogiri (1.7.2)
      mini_portile2 (~> 2.1.0)
    ntlm-http (0.1.1)
    openssl (2.0.3)
    pry (0.10.4)
      coderay (~> 1.1.0)
      method_source (~> 0.8.1)
      slop (~> 3.4)
    rack (2.0.2)
    rack-protection (2.0.0)
      rack
    sinatra (2.0.0)
      mustermann (~> 1.0)
      rack (~> 2.0)
      rack-protection (= 2.0.0)
      tilt (~> 2.0)
    slop (3.6.0)
    thin (1.7.0)
      daemons (~> 1.0, >= 1.0.9)
      eventmachine (~> 1.0, >= 1.0.4)
      rack (>= 1, < 3)
    thor (0.19.4)
    tilt (2.0.7)
    unf (0.1.4)
      unf_ext
    unf_ext (0.0.7.4)
    webrobots (0.1.2)

PLATFORMS
  ruby

DEPENDENCIES
  envyable
  httparty
  json
  mechanize
  openssl (>= 2.0.3)
  pry
  sinatra
  thin

BUNDLED WITH
   1.14.6
